GEM
  remote: http://rubygems.org/
  specs:
    diff-lcs (1.2.5)
    excel_to_code (0.2.22)
      ffi (>= 1.0.11)
      nokogiri (>= 1.5.0)
      ox (>= 2.0.12)
      rspec (>= 2.7.0)
      rubypeg
    ffi (1.9.3)
    hike (1.2.3)
    json (1.8.1)
    mini_portile (0.5.2)
    multi_json (1.10.0)
    nokogiri (1.6.1)
      mini_portile (~> 0.5.0)
    ox (2.1.1)
    rack (1.5.2)
    rack-protection (1.5.2)
      rack
    rspec (2.14.1)
      rspec-core (~> 2.14.0)
      rspec-expectations (~> 2.14.0)
      rspec-mocks (~> 2.14.0)
    rspec-core (2.14.8)
    rspec-expectations (2.14.5)
      diff-lcs (>= 1.1.3, < 2.0)
    rspec-mocks (2.14.6)
    rubypeg (0.0.4)
      rubyscriptwriter
    rubyscriptwriter (0.0.2)
    sinatra (1.4.4)
      rack (~> 1.4)
      rack-protection (~> 1.4)
      tilt (~> 1.3, >= 1.3.4)
    sprockets (2.12.0)
      hike (~> 1.2)
      multi_json (~> 1.0)
      rack (~> 1.0)
      tilt (~> 1.1, != 1.3.0)
    tilt (1.4.1)

PLATFORMS
  ruby

DEPENDENCIES
  excel_to_code
  ffi
  json
  sinatra
  sprockets
